PATH
  remote: .
  specs:
    my_first_gem (0.1.0)

GEM
  remote: https://rubygems.org/
  specs:
    minitest (5.11.3)
    rake (10.4.2)

PLATFORMS
  ruby

DEPENDENCIES
  bundler (~> 1.16)
  minitest (~> 5.0)
  my_first_gem!
  rake (~> 10.0)

BUNDLED WITH
   1.16.6
